GEM
  remote: https://rubygems.org/
  specs:
    webrick (1.8.1)

PLATFORMS
  ruby
  x86_64-darwin-22

DEPENDENCIES
  webrick

BUNDLED WITH
   2.5.6
